GEM
  remote: https://rubygems.org/
  specs:
    rack (1.6.0)
    rake (10.4.2)
    shotgun (0.9.1)
      rack (>= 1.0)

PLATFORMS
  ruby

DEPENDENCIES
  rack
  rake
  shotgun
